PATH
  remote: .
  specs:
    image-dumper (0.8.3)
      addressable (~> 2.3)
      alakazam (~> 0.4)
      certified (~> 1.0)
      iconv (~> 1.0)
      json (~> 1.8)
      nokogiri (~> 1.6)
      rainbow (~> 1.1, = 1.1.4)
      thor (~> 0.19, = 0.19.1)
      thread (~> 0.1)

GEM
  remote: https://rubygems.org/
  specs:
    addressable (2.3.8)
    alakazam (0.4.5)
    certified (1.0.0)
    diff-lcs (1.2.5)
    fastimage (1.7.0)
      addressable (~> 2.3, >= 2.3.5)
    iconv (1.0.5)
    json (1.8.6)
    mini_portile2 (2.3.0)
    nokogiri (1.8.5)
      mini_portile2 (~> 2.3.0)
    parallel (1.6.0)
    parallel_tests (1.5.0)
      parallel
    rainbow (1.1.4)
    rake (10.4.2)
    rspec (3.3.0)
      rspec-core (~> 3.3.0)
      rspec-expectations (~> 3.3.0)
      rspec-mocks (~> 3.3.0)
    rspec-core (3.3.1)
      rspec-support (~> 3.3.0)
    rspec-expectations (3.3.0)
      diff-lcs (>= 1.2.0, < 2.0)
      rspec-support (~> 3.3.0)
    rspec-mocks (3.3.1)
      diff-lcs (>= 1.2.0, < 2.0)
      rspec-support (~> 3.3.0)
    rspec-support (3.3.0)
    thor (0.19.1)
    thread (0.2.2)

PLATFORMS
  ruby

DEPENDENCIES
  fastimage (~> 1.6)
  image-dumper!
  parallel_tests (~> 1.0)
  rake (~> 10.3)
  rspec (~> 3.1)

BUNDLED WITH
   1.16.1
