GEM
  remote: https://rubygems.org/
  specs:
    addressable (2.3.6)
    alakazam (0.4.5)
    certified (1.0.0)
    diff-lcs (1.2.5)
    fastimage (1.6.3)
      addressable (~> 2.3, >= 2.3.5)
    iconv (1.0.4)
    json (1.8.1)
    mini_portile (0.6.1)
    nokogiri (1.6.4.1)
      mini_portile (~> 0.6.0)
    parallel (1.3.2)
    parallel_tests (1.0.7)
      parallel
    rake (10.3.2)
    rspec (3.1.0)
      rspec-core (~> 3.1.0)
      rspec-expectations (~> 3.1.0)
      rspec-mocks (~> 3.1.0)
    rspec-core (3.1.7)
      rspec-support (~> 3.1.0)
    rspec-expectations (3.1.2)
      diff-lcs (>= 1.2.0, < 2.0)
      rspec-support (~> 3.1.0)
    rspec-mocks (3.1.3)
      rspec-support (~> 3.1.0)
    rspec-support (3.1.2)
    thread (0.1.4)

PLATFORMS
  ruby

DEPENDENCIES
  addressable
  alakazam
  certified
  fastimage
  iconv
  json
  nokogiri
  parallel_tests
  rake
  rspec
  thread
