PATH
  remote: .
  specs:
    image-dumper (0.7.9)
      addressable (~> 2.3)
      alakazam (~> 0.4)
      certified (~> 1.0)
      iconv (~> 1.0)
      json (~> 1.8)
      nokogiri (~> 1.6)
      rainbow (~> 1.1)
      thread (~> 0.1)

GEM
  remote: https://rubygems.org/
  specs:
    addressable (2.3.6)
    alakazam (0.4.5)
    certified (1.0.0)
    diff-lcs (1.2.5)
    fastimage (1.6.3)
      addressable (~> 2.3, >= 2.3.5)
    iconv (1.0.4)
    json (1.8.3)
    mini_portile (0.6.2)
    nokogiri (1.6.6.2)
      mini_portile (~> 0.6.0)
    parallel (1.3.2)
    parallel_tests (1.0.7)
      parallel
    rainbow (1.99.2)
    rake (10.3.2)
    rspec (3.1.0)
      rspec-core (~> 3.1.0)
      rspec-expectations (~> 3.1.0)
      rspec-mocks (~> 3.1.0)
    rspec-core (3.1.7)
      rspec-support (~> 3.1.0)
    rspec-expectations (3.1.2)
      diff-lcs (>= 1.2.0, < 2.0)
      rspec-support (~> 3.1.0)
    rspec-mocks (3.1.3)
      rspec-support (~> 3.1.0)
    rspec-support (3.1.2)
    thread (0.1.4)

PLATFORMS
  ruby

DEPENDENCIES
  fastimage (~> 1.6)
  image-dumper!
  parallel_tests (~> 1.0)
  rake (~> 10.3)
  rspec (~> 3.1)

BUNDLED WITH
   1.10.4
